GEM
  remote: http://rubygems.org/
  specs:
    highline (1.6.1)
    mechanize (1.0.0)
      nokogiri (>= 1.2.1)
    nokogiri (1.4.3.1)
    rack (1.2.1)
    sinatra (1.1.0)
      rack (~> 1.1)
      tilt (~> 1.1)
    tilt (1.1)

PLATFORMS
  ruby

DEPENDENCIES
  highline
  mechanize
  sinatra
